GEM
  remote: https://rubygems.org/
  specs:
    ansi (1.5.0)
    builder (3.2.4)
    docile (1.3.2)
    mini_portile2 (2.4.0)
    minitest (5.14.0)
    minitest-reporters (1.4.2)
      ansi
      builder
      minitest (>= 5.0)
      ruby-progressbar
    nokogiri (1.10.9)
      mini_portile2 (~> 2.4.0)
    rake (13.0.1)
    ruby-progressbar (1.10.1)
    sequel (5.31.0)
    simplecov (0.18.5)
      docile (~> 1.1)
      simplecov-html (~> 0.11)
    simplecov-html (0.12.2)
    sqlite3 (1.4.2)

PLATFORMS
  ruby

DEPENDENCIES
  minitest!
  minitest-reporters!
  nokogiri!
  rake!
  sequel!
  simplecov!
  sqlite3!

BUNDLED WITH
   2.1.4
